GEM
  remote: https://rubygems.org/
  specs:
    addressable (2.7.0)
      public_suffix (>= 2.0.2, < 5.0)
    android_key_attestation (0.3.0)
    awrence (1.1.1)
    bcrypt (3.1.13)
    bindata (2.4.7)
    capybara (2.18.0)
      addressable
      mini_mime (>= 0.1.3)
      nokogiri (>= 1.3.3)
      rack (>= 1.0.0)
      rack-test (>= 0.5.4)
      xpath (>= 2.0, < 4.0)
    cbor (0.5.9.6)
    chunky_png (1.3.11)
    cose (0.11.0)
      cbor (~> 0.5.9)
      openssl-signature_algorithm (~> 0.3.0)
    json (2.3.0)
    jwt (2.2.1)
    mail (2.7.1)
      mini_mime (>= 0.1.1)
    mini_mime (1.0.2)
    mini_portile2 (2.4.0)
    minitest (5.14.1)
    minitest-global_expectations (1.0.1)
      minitest (> 5)
    minitest-hooks (1.5.0)
      minitest (> 5.3)
    mysql2 (0.5.3)
    nokogiri (1.10.9)
      mini_portile2 (~> 2.4.0)
    openssl (2.2.0)
    openssl-signature_algorithm (0.3.0)
    pg (1.2.3)
    public_suffix (4.0.5)
    rack (2.2.2)
    rack-test (1.1.0)
      rack (>= 1.0, < 3)
    rack_csrf (2.6.0)
      rack (>= 1.1.0)
    rake (13.0.1)
    roda (3.32.0)
      rack
    rotp (6.0.0)
      addressable (~> 2.7)
    rqrcode (1.1.2)
      chunky_png (~> 1.0)
      rqrcode_core (~> 0.1)
    rqrcode_core (0.1.2)
    rubyzip (2.3.0)
    safety_net_attestation (0.4.0)
      jwt (~> 2.0)
    securecompare (1.0.0)
    sequel (5.32.0)
    sqlite3 (1.4.2)
    tilt (2.0.10)
    tpm-key_attestation (0.7.0)
      bindata (~> 2.4)
      openssl-signature_algorithm (~> 0.3.0)
    webauthn (2.2.0)
      android_key_attestation (~> 0.3.0)
      awrence (~> 1.1)
      bindata (~> 2.4)
      cbor (~> 0.5.9)
      cose (~> 0.11.0)
      openssl (~> 2.0)
      safety_net_attestation (~> 0.4.0)
      securecompare (~> 1.0)
      tpm-key_attestation (~> 0.7.0)
    xpath (3.2.0)
      nokogiri (~> 1.8)

PLATFORMS
  ruby

DEPENDENCIES
  bcrypt
  capybara
  jdbc-mysql
  jdbc-postgres
  jdbc-sqlite3
  json
  jwt
  mail
  minitest (>= 5.7.0)
  minitest-global_expectations
  minitest-hooks (>= 1.1)
  mysql2
  pg
  rack_csrf
  rake
  roda
  rotp
  rqrcode
  rubyzip
  sequel
  sqlite3
  tilt
  webauthn
  xpath

BUNDLED WITH
   2.1.4
